GIT
  remote: git://github.com/tommeier/delayed_paperclip
  revision: c23a537c0c5d7488059b07a036ebfa4f5e52d43e
  branch: fix_312
  specs:
    delayed_paperclip (2.4.5.2)
      paperclip (>= 2.4.5)

GEM
  remote: http://rubygems.org/
  specs:
    actionmailer (3.2.8)
      actionpack (= 3.2.8)
      mail (~> 2.4.4)
    actionpack (3.2.8)
      activemodel (= 3.2.8)
      activesupport (= 3.2.8)
      builder (~> 3.0.0)
      erubis (~> 2.7.0)
      journey (~> 1.0.4)
      rack (~> 1.4.0)
      rack-cache (~> 1.2)
      rack-test (~> 0.6.1)
      sprockets (~> 2.1.3)
    activemodel (3.2.8)
      activesupport (= 3.2.8)
      builder (~> 3.0.0)
    activerecord (3.2.8)
      activemodel (= 3.2.8)
      activesupport (= 3.2.8)
      arel (~> 3.0.2)
      tzinfo (~> 0.3.29)
    activeresource (3.2.8)
      activemodel (= 3.2.8)
      activesupport (= 3.2.8)
    activesupport (3.2.8)
      i18n (~> 0.6)
      multi_json (~> 1.0)
    airbrake (3.1.6)
      builder
      girl_friday
    ansi (1.4.3)
    arel (3.0.2)
    aws-sdk (1.6.9)
      httparty (~> 0.7)
      json (~> 1.4)
      nokogiri (>= 1.4.4)
      uuidtools (~> 2.1)
    bcrypt-ruby (3.0.1)
    builder (3.0.3)
    capistrano (2.13.4)
      highline
      net-scp (>= 1.0.0)
      net-sftp (>= 2.0.0)
      net-ssh (>= 2.0.14)
      net-ssh-gateway (>= 1.1.0)
    capistrano_colors (0.5.5)
    cocaine (0.4.0)
    coffee-rails (3.2.2)
      coffee-script (>= 2.2.0)
      railties (~> 3.2.0)
    coffee-script (2.2.0)
      coffee-script-source
      execjs
    coffee-script-source (1.3.3)
    commonjs (0.2.6)
    connection_pool (0.9.2)
    daemons (1.1.9)
    delayed_job (3.0.3)
      activesupport (~> 3.0)
    delayed_job_active_record (0.3.3)
      activerecord (>= 2.1.0, < 4)
      delayed_job (~> 3.0)
    devise (2.1.2)
      bcrypt-ruby (~> 3.0)
      orm_adapter (~> 0.1)
      railties (~> 3.1)
      warden (~> 1.2.1)
    devise-async (0.3.1)
      devise (>= 1.1)
    erubis (2.7.0)
    eventmachine (1.0.0)
    execjs (1.4.0)
      multi_json (~> 1.0)
    girl_friday (0.11.1)
      connection_pool (~> 0.9.0)
      rubinius-actor
    haml (3.1.7)
    haml-rails (0.3.5)
      actionpack (>= 3.1, < 4.1)
      activesupport (>= 3.1, < 4.1)
      haml (~> 3.1)
      railties (>= 3.1, < 4.1)
    highline (1.6.15)
    hike (1.2.1)
    hirb (0.7.0)
    httparty (0.9.0)
      multi_json (~> 1.0)
      multi_xml
    i18n (0.6.1)
    journey (1.0.4)
    jquery-rails (2.1.3)
      railties (>= 3.1.0, < 5.0)
      thor (~> 0.14)
    jruby-pageant (1.1.1)
    json (1.7.5)
    kgio (2.7.4)
    less (2.2.2)
      commonjs (~> 0.2.6)
    less-rails (2.2.6)
      actionpack (>= 3.1)
      less (~> 2.2.0)
    libv8 (3.3.10.4)
    mail (2.4.4)
      i18n (>= 0.4.0)
      mime-types (~> 1.16)
      treetop (~> 1.4.8)
    mime-types (1.19)
    multi_json (1.3.6)
    multi_xml (0.5.1)
    mysql2 (0.3.11)
    net-scp (1.0.4)
      net-ssh (>= 1.99.1)
    net-sftp (2.0.5)
      net-ssh (>= 2.0.9)
    net-ssh (2.6.0)
      jruby-pageant (>= 1.1.1)
    net-ssh-gateway (1.1.0)
      net-ssh (>= 1.99.1)
    newrelic_rpm (3.5.2.17)
    nokogiri (1.5.5)
    orm_adapter (0.4.0)
    paperclip (3.3.0)
      activemodel (>= 3.0.0)
      activerecord (>= 3.0.0)
      activesupport (>= 3.0.0)
      cocaine (~> 0.4.0)
      mime-types
    polyglot (0.3.3)
    postmark (0.9.13)
      json
      rake
    postmark-rails (0.4.1)
      actionmailer
      postmark (>= 0.9.0)
      rake
    quiet_assets (1.0.1)
      railties (~> 3.1)
    rack (1.4.1)
    rack-cache (1.2)
      rack (>= 0.4)
    rack-ssl (1.3.2)
      rack
    rack-test (0.6.2)
      rack (>= 1.0)
    rails (3.2.8)
      actionmailer (= 3.2.8)
      actionpack (= 3.2.8)
      activerecord (= 3.2.8)
      activeresource (= 3.2.8)
      activesupport (= 3.2.8)
      bundler (~> 1.0)
      railties (= 3.2.8)
    railties (3.2.8)
      actionpack (= 3.2.8)
      activesupport (= 3.2.8)
      rack-ssl (~> 1.3.2)
      rake (>= 0.8.7)
      rdoc (~> 3.4)
      thor (>= 0.14.6, < 2.0)
    raindrops (0.10.0)
    rake (10.0.1)
    rdoc (3.12)
      json (~> 1.4)
    ru_propisju (2.1.4)
    rubinius-actor (0.0.2)
      rubinius-core-api
    rubinius-core-api (0.0.1)
    ruby-haml-js (0.0.3)
      execjs
      sprockets (>= 2.0.0)
    rufus-scheduler (2.0.17)
      tzinfo (>= 0.3.23)
    russian (0.6.0)
      i18n (>= 0.5.0)
    rvm-capistrano (1.2.7)
      capistrano (>= 2.0.0)
    sass (3.2.1)
    sass-rails (3.2.5)
      railties (~> 3.2.0)
      sass (>= 3.1.10)
      tilt (~> 1.3)
    spine-rails (0.1.0)
      rails (>= 3.1.0)
    sprockets (2.1.3)
      hike (~> 1.2)
      rack (~> 1.0)
      tilt (~> 1.1, != 1.3.0)
    symbolize (4.2.0)
    therubyracer (0.10.2)
      libv8 (~> 3.3.10)
    thin (1.5.0)
      daemons (>= 1.0.9)
      eventmachine (>= 0.12.6)
      rack (>= 1.0.0)
    thor (0.16.0)
    tilt (1.3.3)
    treetop (1.4.11)
      polyglot
      polyglot (>= 0.3.1)
    turbolinks (0.5.2)
      coffee-rails
    turn (0.9.6)
      ansi
    twitter-bootstrap-rails (2.1.3)
      actionpack (>= 3.1)
      less-rails (~> 2.2.3)
      railties (>= 3.1)
      therubyracer (~> 0.10.2)
    tzinfo (0.3.33)
    uglifier (1.3.0)
      execjs (>= 0.3.0)
      multi_json (~> 1.0, >= 1.0.2)
    unicorn (4.3.1)
      kgio (~> 2.6)
      rack
      raindrops (~> 0.7)
    uuidtools (2.1.3)
    warden (1.2.1)
      rack (>= 1.0)
    wicked_pdf (0.8.0)
      rails
    wkhtmltopdf-binary (0.9.9.1)

PLATFORMS
  ruby

DEPENDENCIES
  airbrake
  aws-sdk
  capistrano_colors
  coffee-rails
  delayed_job_active_record
  delayed_paperclip (= 2.4.5.2)!
  devise
  devise-async
  haml-rails
  hirb
  jquery-rails
  mysql2
  newrelic_rpm
  paperclip
  postmark-rails
  quiet_assets
  rails (= 3.2.8)
  ru_propisju
  ruby-haml-js
  rufus-scheduler
  russian
  rvm-capistrano
  sass
  sass-rails
  spine-rails
  symbolize
  thin
  turbolinks
  turn
  twitter-bootstrap-rails (= 2.1.3)
  uglifier
  unicorn
  wicked_pdf
  wkhtmltopdf-binary
